GIT
  remote: git://github.com/mrdizzy/acts_as_singleton.git
  revision: 4229bec5929a14619abb40a95298dd2291cade01
  branch: rails3
  specs:
    acts_as_singleton (0.0.5)
      activerecord

GIT
  remote: git://github.com/mrdizzy/auto_migrations.git
  revision: efe9a7aeecaba8d2454f4ba3022f330016393872
  specs:
    auto_migrations (1.0.20080704)

GIT
  remote: git://github.com/mrdizzy/casamiento_mail_merge.git
  revision: e2d7cc305903c2ca750afb270d8fe0b699607c18
  specs:
    casamiento_mail_merge (0.1)

GIT
  remote: git://github.com/timcharper/spork-testunit.git
  revision: 7ba2cfe33afe2b6c8050ca5f84a24b0571e11e4d
  specs:
    spork-testunit (0.0.5)
      spork (>= 0.6.0)

GIT
  remote: git://github.com/timcharper/spork.git
  revision: 2bb3143af5f97474db6cbd95c0a77d333f5c36fd
  specs:
    spork (0.9.0.rc9)

PATH
  remote: ~/ebay_trading_api
  specs:
    ebay_api_trading (0.0.1)
      activesupport
      builder
      i18n

GEM
  remote: http://rubygems.org/
  specs:
    abstract (1.0.0)
    actionmailer (3.0.9)
      actionpack (= 3.0.9)
      mail (~> 2.2.19)
    actionpack (3.0.9)
      activemodel (= 3.0.9)
      activesupport (= 3.0.9)
      builder (~> 2.1.2)
      erubis (~> 2.6.6)
      i18n (~> 0.5.0)
      rack (~> 1.2.1)
      rack-mount (~> 0.6.14)
      rack-test (~> 0.5.7)
      tzinfo (~> 0.3.23)
    activemodel (3.0.9)
      activesupport (= 3.0.9)
      builder (~> 2.1.2)
      i18n (~> 0.5.0)
    activerecord (3.0.9)
      activemodel (= 3.0.9)
      activesupport (= 3.0.9)
      arel (~> 2.0.10)
      tzinfo (~> 0.3.23)
    activeresource (3.0.9)
      activemodel (= 3.0.9)
      activesupport (= 3.0.9)
    activesupport (3.0.9)
    addressable (2.2.6)
    annotate (2.4.0)
    arel (2.0.10)
    builder (2.1.2)
    crack (0.1.8)
    erubis (2.6.6)
      abstract (>= 1.0.0)
    factory_girl (2.0.5)
    factory_girl_rails (1.1.0)
      factory_girl (~> 2.0.0)
      railties (>= 3.0.0)
    i18n (0.5.0)
    mail (2.2.19)
      activesupport (>= 2.3.6)
      i18n (>= 0.4.0)
      mime-types (~> 1.16)
      treetop (~> 1.4.8)
    mime-types (1.16)
    mocha (0.9.12)
    polyglot (0.3.2)
    rack (1.2.3)
    rack-mount (0.6.14)
      rack (>= 1.0.0)
    rack-test (0.5.7)
      rack (>= 1.0)
    rails (3.0.9)
      actionmailer (= 3.0.9)
      actionpack (= 3.0.9)
      activerecord (= 3.0.9)
      activeresource (= 3.0.9)
      activesupport (= 3.0.9)
      bundler (~> 1.0)
      railties (= 3.0.9)
    railties (3.0.9)
      actionpack (= 3.0.9)
      activesupport (= 3.0.9)
      rake (>= 0.8.7)
      rdoc (~> 3.4)
      thor (~> 0.14.4)
    rake (0.8.7)
    rdoc (3.9.4)
    sqlite3 (1.3.4)
    thor (0.14.6)
    treetop (1.4.10)
      polyglot
      polyglot (>= 0.3.1)
    tzinfo (0.3.29)
    webmock (1.7.5)
      addressable (> 2.2.5, ~> 2.2)
      crack (>= 0.1.7)
    xml-simple (1.1.0)

PLATFORMS
  ruby

DEPENDENCIES
  acts_as_singleton!
  annotate
  auto_migrations!
  casamiento_mail_merge!
  ebay_api_trading!
  factory_girl_rails
  mail
  mocha
  rails (= 3.0.9)
  rake (= 0.8.7)
  spork!
  spork-testunit!
  sqlite3
  webmock
  xml-simple
